GEM
  remote: http://rubygems.org/
  specs:
    actionpack (4.1.8)
      actionview (= 4.1.8)
      activesupport (= 4.1.8)
      rack (~> 1.5.2)
      rack-test (~> 0.6.2)
    actionview (4.1.8)
      activesupport (= 4.1.8)
      builder (~> 3.1)
      erubis (~> 2.7.0)
    active_model_serializers (0.9.1)
      activemodel (>= 3.2)
    activemodel (4.1.8)
      activesupport (= 4.1.8)
      builder (~> 3.1)
    activesupport (4.1.8)
      i18n (~> 0.6, >= 0.6.9)
      json (~> 1.7, >= 1.7.7)
      minitest (~> 5.1)
      thread_safe (~> 0.1)
      tzinfo (~> 1.1)
    barber (0.5.0)
      ember-source
      execjs
      handlebars-source (>= 1.0.0.rc.4)
    barber-emblem (0.1.1)
      barber (>= 0.4.1)
      emblem-source
    builder (3.2.2)
    ember-data-source (0.14)
      ember-source
    ember-rails (0.13.0)
      active_model_serializers
      barber (>= 0.4.1)
      ember-data-source
      ember-source
      ember-source
      ember-source
      ember-source
      ember-source
      ember-source
      ember-source
      ember-source
      ember-source
      ember-source
      ember-source
      ember-source
      ember-source
      ember-source
      ember-source
      ember-source
      ember-source
      execjs (>= 1.2)
      handlebars-source
      handlebars-source
      handlebars-source
      handlebars-source
      handlebars-source
      handlebars-source
      handlebars-source
      handlebars-source
      handlebars-source
      handlebars-source
      handlebars-source
      handlebars-source
      handlebars-source
      handlebars-source
      handlebars-source
      handlebars-source
      handlebars-source
      railties (>= 3.1)
    ember-source (1.9.0)
      handlebars-source (~> 2.0)
    emblem-rails (0.1.1)
      barber-emblem (~> 0.1.1)
      ember-rails (>= 0.11.1)
    emblem-source (0.3.17)
    erubis (2.7.0)
    execjs (2.2.2)
    handlebars-source (2.0.0)
    i18n (0.6.11)
    json (1.8.1)
    minitest (5.4.3)
    rack (1.5.2)
    rack-test (0.6.2)
      rack (>= 1.0)
    railties (4.1.8)
      actionpack (= 4.1.8)
      activesupport (= 4.1.8)
      rake (>= 0.8.7)
      thor (>= 0.18.1, < 2.0)
    rake (10.4.2)
    thor (0.19.1)
    thread_safe (0.3.4)
    tzinfo (1.2.2)
      thread_safe (~> 0.1)

PLATFORMS
  x86-mingw32

DEPENDENCIES
  ember-rails
  emblem-rails
